GEM
  remote: https://rubygems.org/
  specs:
    curses (1.4.6)

PLATFORMS
  ruby
  x86_64-darwin-22

DEPENDENCIES
  curses (~> 1.4)

BUNDLED WITH
   2.5.5
